GEM
  remote: http://rubygems.org/
  specs:
    awesome_print (1.0.1)
    coffee-script (2.2.0)
      coffee-script-source
      execjs
    coffee-script-source (1.1.3)
    execjs (1.2.12)
      multi_json (~> 1.0)
    multi_json (1.0.4)
    rack (1.3.5)
    rack-test (0.6.1)
      rack (>= 1.0)
    rack_csrf (2.3.0)
      rack (>= 0.9)
    redcarpet (2.1.1)
    sass (3.1.11)
    shotgun (0.9)
      rack (>= 1.0)
    sinatra (1.2.6)
      rack (~> 1.1)
      tilt (>= 1.2.2, < 2.0)
    tilt (1.3.3)

PLATFORMS
  ruby

DEPENDENCIES
  awesome_print
  coffee-script
  rack-test
  rack_csrf
  redcarpet
  sass
  shotgun
  sinatra
